GEM
  remote: https://rubygems.org/
  specs:
    mechanize (1.0.0)
      nokogiri (>= 1.2.1)
    mini_portile2 (2.4.0)
    nokogiri (1.10.3)
      mini_portile2 (~> 2.4.0)
    thor (0.20.3)
    watchman (0.1.1)
      mechanize (= 1.0.0)

PLATFORMS
  ruby

DEPENDENCIES
  nokogiri (~> 1.10)
  thor (~> 0.20.3)
  watchman (~> 0.1.1)

BUNDLED WITH
   1.17.2
